PATH
  remote: .
  specs:
    rdf-sesame (0.4.2)
      json_pure (~> 1.4)
      rdf (~> 0.3.1)

GEM
  remote: http://rubygems.org/
  specs:
    addressable (2.2.8)
    diff-lcs (1.1.3)
    json_pure (1.7.3)
    rake (0.9.2.2)
    rdf (0.3.7)
      addressable (>= 2.2.6)
    rdf-spec (0.3.5.1)
      rspec (>= 2.8.0)
    rspec (2.10.0)
      rspec-core (~> 2.10.0)
      rspec-expectations (~> 2.10.0)
      rspec-mocks (~> 2.10.0)
    rspec-core (2.10.1)
    rspec-expectations (2.10.0)
      diff-lcs (~> 1.1.3)
    rspec-mocks (2.10.1)
    yard (0.6.8)

PLATFORMS
  ruby

DEPENDENCIES
  rake
  rdf-sesame!
  rdf-spec (~> 0.3)
  rspec (~> 2)
  yard (~> 0.6.0)
